GIT
  remote: https://github.com/hashicorp/vagrant.git
  revision: 845a75accddcdcc6986ff951c66f1dce337878d1
  tag: v2.2.14
  specs:
    vagrant (2.2.14)
      bcrypt_pbkdf (~> 1.0.0)
      childprocess (~> 4.0.0)
      ed25519 (~> 1.2.4)
      erubi
      hashicorp-checkpoint (~> 0.1.5)
      i18n (~> 1.8)
      listen (~> 3.1)
      log4r (~> 1.1.9, < 1.1.11)
      mime-types (~> 3.3)
      net-scp (~> 1.2.0)
      net-sftp (~> 3.0)
      net-ssh (>= 6.2.0.rc1, < 7)
      rb-kqueue (~> 0.2.0)
      ruby_dep (<= 1.3.1)
      rubyzip (~> 2.0)
      vagrant_cloud (~> 3.0.2)
      wdm (~> 0.1.0)
      winrm (>= 2.3.4, < 3.0)
      winrm-elevated (>= 1.2.1, < 2.0)
      winrm-fs (>= 1.3.4, < 2.0)

PATH
  remote: .
  specs:
    vagrant-windows-sysprep (0.0.11)

GEM
  remote: https://rubygems.org/
  specs:
    bcrypt_pbkdf (1.0.1)
    builder (3.2.4)
    childprocess (4.0.0)
    concurrent-ruby (1.1.8)
    ed25519 (1.2.4)
    erubi (1.10.0)
    excon (0.79.0)
    ffi (1.14.2)
    gssapi (1.3.1)
      ffi (>= 1.0.1)
    gyoku (1.3.1)
      builder (>= 2.1.2)
    hashicorp-checkpoint (0.1.5)
    httpclient (2.8.3)
    i18n (1.8.9)
      concurrent-ruby (~> 1.0)
    listen (3.4.1)
      rb-fsevent (~> 0.10, >= 0.10.3)
      rb-inotify (~> 0.9, >= 0.9.10)
    little-plugger (1.1.4)
    log4r (1.1.10)
    logging (2.3.0)
      little-plugger (~> 1.1)
      multi_json (~> 1.14)
    mime-types (3.3.1)
      mime-types-data (~> 3.2015)
    mime-types-data (3.2021.0212)
    multi_json (1.15.0)
    net-scp (1.2.1)
      net-ssh (>= 2.6.5)
    net-sftp (3.0.0)
      net-ssh (>= 5.0.0, < 7.0.0)
    net-ssh (6.2.0.rc1)
    nori (2.6.0)
    rake (13.0.3)
    rb-fsevent (0.10.4)
    rb-inotify (0.10.1)
      ffi (~> 1.0)
    rb-kqueue (0.2.5)
      ffi (>= 0.5.0)
    ruby_dep (1.3.1)
    rubyntlm (0.6.3)
    rubyzip (2.3.0)
    vagrant_cloud (3.0.2)
      excon (~> 0.73)
      log4r (~> 1.1.10)
    wdm (0.1.1)
    winrm (2.3.6)
      builder (>= 2.1.2)
      erubi (~> 1.8)
      gssapi (~> 1.2)
      gyoku (~> 1.0)
      httpclient (~> 2.2, >= 2.2.0.2)
      logging (>= 1.6.1, < 3.0)
      nori (~> 2.0)
      rubyntlm (~> 0.6.0, >= 0.6.3)
    winrm-elevated (1.2.3)
      erubi (~> 1.8)
      winrm (~> 2.0)
      winrm-fs (~> 1.0)
    winrm-fs (1.3.5)
      erubi (~> 1.8)
      logging (>= 1.6.1, < 3.0)
      rubyzip (~> 2.0)
      winrm (~> 2.0)

PLATFORMS
  ruby

DEPENDENCIES
  rake
  vagrant!
  vagrant-windows-sysprep!

BUNDLED WITH
   2.1.4
